GEM
  remote: http://rubygems.org/
  specs:
    archive-tar-minitar (0.5.2)
    cfoundry (0.3.40)
      multi_json (~> 1.3.6)
      rest-client (~> 1.6.1)
      rubyzip (~> 0.9.9)
    columnize (0.3.6)
    linecache19 (0.5.12)
      ruby_core_source (>= 0.1.4)
    mime-types (1.19)
    multi_json (1.3.6)
    rest-client (1.6.7)
      mime-types (>= 1.16)
    ruby-debug-base19 (0.11.25)
      columnize (>= 0.3.1)
      linecache19 (>= 0.5.11)
      ruby_core_source (>= 0.1.4)
    ruby-debug19 (0.11.6)
      columnize (>= 0.3.1)
      linecache19 (>= 0.5.11)
      ruby-debug-base19 (>= 0.11.19)
    ruby_core_source (0.1.5)
      archive-tar-minitar (>= 0.5.2)
    rubyzip (0.9.9)
    uuidtools (2.1.2)

PLATFORMS
  ruby

DEPENDENCIES
  cfoundry (~> 0.3.40)
  ruby-debug19
  uuidtools
