GEM
  remote: http://rubygems.org/
  specs:
    aws-s3 (0.6.3)
      builder
      mime-types
      xml-simple
    bson (1.7.0)
    builder (3.1.3)
    carrot (1.2.0)
    cfoundry (0.3.41)
      multi_json (~> 1.3.6)
      rest-client (~> 1.6.1)
      rubyzip (~> 0.9.9)
    curb (0.8.1)
    json (1.7.5)
    mime-types (1.19)
    mongo (1.7.0)
      bson (~> 1.7.0)
    multi_json (1.3.6)
    mysql2 (0.3.11)
    pg (0.14.1)
    rack (1.4.1)
    rack-protection (1.2.0)
      rack
    redis (3.0.2)
    rest-client (1.6.7)
      mime-types (>= 1.16)
    rubyzip (0.9.9)
    sinatra (1.3.3)
      rack (~> 1.3, >= 1.3.6)
      rack-protection (~> 1.2)
      tilt (~> 1.3, >= 1.3.3)
    tilt (1.3.3)
    xml-simple (1.1.1)

PLATFORMS
  ruby

DEPENDENCIES
  aws-s3
  carrot
  cfoundry (~> 0.3.27)
  curb
  json
  mongo
  mysql2
  pg
  redis
  sinatra
